GEM
  remote: http://rubygems.org/
  specs:
    builder (3.0.4)
    httparty (0.11.0)
      multi_json (~> 1.0)
      multi_xml (>= 0.5.2)
    multi_json (1.7.1)
    multi_xml (0.5.3)
    nokogiri (1.5.6)
    rack (1.5.2)
    rack-protection (1.5.0)
      rack
    sinatra (1.4.1)
      rack (~> 1.5, >= 1.5.2)
      rack-protection (~> 1.4)
      tilt (~> 1.3, >= 1.3.4)
    tilt (1.3.6)

PLATFORMS
  ruby

DEPENDENCIES
  builder
  httparty
  nokogiri
  sinatra
